GEM
  remote: https://rubygems.org/
  specs:
    Ascii85 (1.0.2)
    afm (0.2.0)
    builder (3.2.2)
    crack (0.4.1)
      safe_yaml (~> 0.9.0)
    happymapper (0.4.1)
      libxml-ruby (~> 2.0)
    hashery (2.1.1)
    libxml-ruby (2.7.0)
    mime-types (2.1)
    mini_portile (0.5.2)
    nokogiri (1.6.1)
      mini_portile (~> 0.5.0)
    nokogiri-happymapper (0.5.8)
      nokogiri (~> 1.5)
    pdf-reader (1.3.3)
      Ascii85 (~> 1.0.0)
      afm (~> 0.2.0)
      hashery (~> 2.0)
      ruby-rc4
      ttfunk
    pivotal-tracker (0.5.12)
      builder
      crack
      happymapper (>= 0.3.2)
      nokogiri (>= 1.4.3)
      nokogiri (>= 1.5.5)
      nokogiri-happymapper (>= 0.5.4)
      rest-client (~> 1.6.0)
    prawn (0.14.0)
      pdf-reader (~> 1.2)
      ruby-rc4
      ttfunk (~> 1.0.3)
    rack (1.5.2)
    rack-protection (1.5.2)
      rack
    rest-client (1.6.7)
      mime-types (>= 1.16)
    ruby-rc4 (0.1.5)
    safe_yaml (0.9.7)
    sinatra (1.4.4)
      rack (~> 1.4)
      rack-protection (~> 1.4)
      tilt (~> 1.3, >= 1.3.4)
    term-ansicolor (1.2.2)
      tins (~> 0.8)
    tilt (1.4.1)
    tins (0.13.1)
    ttfunk (1.0.3)

PLATFORMS
  ruby

DEPENDENCIES
  pivotal-tracker
  prawn
  sinatra
  term-ansicolor
